GEM
  remote: https://rubygems.org/
  specs:
    curb (0.9.10)
    diff-lcs (1.3)
    docile (1.3.2)
    mini_portile2 (2.4.0)
    nokogiri (1.10.8)
      mini_portile2 (~> 2.4.0)
    openssl (2.1.2)
    rake (13.0.1)
    rspec (3.9.0)
      rspec-core (~> 3.9.0)
      rspec-expectations (~> 3.9.0)
      rspec-mocks (~> 3.9.0)
    rspec-core (3.9.1)
      rspec-support (~> 3.9.1)
    rspec-expectations (3.9.0)
      diff-lcs (>= 1.2.0, < 2.0)
      rspec-support (~> 3.9.0)
    rspec-mocks (3.9.1)
      diff-lcs (>= 1.2.0, < 2.0)
      rspec-support (~> 3.9.0)
    rspec-support (3.9.2)
    simplecov (0.18.2)
      docile (~> 1.1)
      simplecov-html (~> 0.11)
    simplecov-html (0.12.0)

PLATFORMS
  ruby

DEPENDENCIES
  bundler!
  curb!
  nokogiri!
  openssl (~> 2.1.2)!
  rake!
  rspec!
  simplecov!

BUNDLED WITH
   2.1.4
